GEM
  remote: https://rubygems.org/
  specs:
    actioncable (7.0.2.2)
      actionpack (= 7.0.2.2)
      activesupport (= 7.0.2.2)
      nio4r (~> 2.0)
      websocket-driver (>= 0.6.1)
    actionmailbox (7.0.2.2)
      actionpack (= 7.0.2.2)
      activejob (= 7.0.2.2)
      activerecord (= 7.0.2.2)
      activestorage (= 7.0.2.2)
      activesupport (= 7.0.2.2)
      mail (>= 2.7.1)
      net-imap
      net-pop
      net-smtp
    actionmailer (7.0.2.2)
      actionpack (= 7.0.2.2)
      actionview (= 7.0.2.2)
      activejob (= 7.0.2.2)
      activesupport (= 7.0.2.2)
      mail (~> 2.5, >= 2.5.4)
      net-imap
      net-pop
      net-smtp
      rails-dom-testing (~> 2.0)
    actionpack (7.0.2.2)
      actionview (= 7.0.2.2)
      activesupport (= 7.0.2.2)
      rack (~> 2.0, >= 2.2.0)
      rack-test (>= 0.6.3)
      rails-dom-testing (~> 2.0)
      rails-html-sanitizer (~> 1.0, >= 1.2.0)
    actiontext (7.0.2.2)
      actionpack (= 7.0.2.2)
      activerecord (= 7.0.2.2)
      activestorage (= 7.0.2.2)
      activesupport (= 7.0.2.2)
      globalid (>= 0.6.0)
      nokogiri (>= 1.8.5)
    actionview (7.0.2.2)
      activesupport (= 7.0.2.2)
      builder (~> 3.1)
      erubi (~> 1.4)
      rails-dom-testing (~> 2.0)
      rails-html-sanitizer (~> 1.1, >= 1.2.0)
    activejob (7.0.2.2)
      activesupport (= 7.0.2.2)
      globalid (>= 0.3.6)
    activemodel (7.0.2.2)
      activesupport (= 7.0.2.2)
    activerecord (7.0.2.2)
      activemodel (= 7.0.2.2)
      activesupport (= 7.0.2.2)
    activestorage (7.0.2.2)
      actionpack (= 7.0.2.2)
      activejob (= 7.0.2.2)
      activerecord (= 7.0.2.2)
      activesupport (= 7.0.2.2)
      marcel (~> 1.0)
      mini_mime (>= 1.1.0)
    activesupport (7.0.2.2)
      concurrent-ruby (~> 1.0, >= 1.0.2)
      i18n (>= 1.6, < 2)
      minitest (>= 5.1)
      tzinfo (~> 2.0)
    ast (2.4.2)
    blueprinter (0.25.3)
    bootsnap (1.9.4)
      msgpack (~> 1.0)
    builder (3.2.4)
    byebug (11.1.3)
    childprocess (4.1.0)
    concurrent-ruby (1.1.9)
    crass (1.0.6)
    database_cleaner (2.0.1)
      database_cleaner-active_record (~> 2.0.0)
    database_cleaner-active_record (2.0.1)
      activerecord (>= 5.a)
      database_cleaner-core (~> 2.0.0)
    database_cleaner-core (2.0.1)
    diff-lcs (1.5.0)
    digest (3.1.0)
    dotenv (2.7.6)
    dotenv-rails (2.7.6)
      dotenv (= 2.7.6)
      railties (>= 3.2)
    erubi (1.10.0)
    factory_bot (6.2.0)
      activesupport (>= 5.0.0)
    factory_bot_rails (6.2.0)
      factory_bot (~> 6.2.0)
      railties (>= 5.0.0)
    faker (2.19.0)
      i18n (>= 1.6, < 2)
    ffi (1.15.5)
    globalid (1.0.0)
      activesupport (>= 5.0)
    i18n (1.8.11)
      concurrent-ruby (~> 1.0)
    iniparse (1.5.0)
    io-wait (0.2.1)
    listen (3.7.0)
      rb-fsevent (~> 0.10, >= 0.10.3)
      rb-inotify (~> 0.9, >= 0.9.10)
    loofah (2.14.0)
      crass (~> 1.0.2)
      nokogiri (>= 1.5.9)
    mail (2.7.1)
      mini_mime (>= 0.1.1)
    marcel (1.0.2)
    method_source (1.0.0)
    mini_mime (1.1.2)
    mini_portile2 (2.8.0)
    minitest (5.15.0)
    msgpack (1.4.2)
    net-imap (0.2.3)
      digest
      net-protocol
      strscan
    net-pop (0.1.1)
      digest
      net-protocol
      timeout
    net-protocol (0.1.2)
      io-wait
      timeout
    net-smtp (0.3.1)
      digest
      net-protocol
      timeout
    nio4r (2.5.8)
    nokogiri (1.13.3)
      mini_portile2 (~> 2.8.0)
      racc (~> 1.4)
    oj (3.13.11)
    overcommit (0.58.0)
      childprocess (>= 0.6.3, < 5)
      iniparse (~> 1.4)
      rexml (~> 3.2)
    parallel (1.21.0)
    parser (3.1.0.0)
      ast (~> 2.4.1)
    pg (1.2.3)
    puma (5.6.4)
      nio4r (~> 2.0)
    racc (1.6.0)
    rack (2.2.3)
    rack-test (1.1.0)
      rack (>= 1.0, < 3)
    rails (7.0.2.2)
      actioncable (= 7.0.2.2)
      actionmailbox (= 7.0.2.2)
      actionmailer (= 7.0.2.2)
      actionpack (= 7.0.2.2)
      actiontext (= 7.0.2.2)
      actionview (= 7.0.2.2)
      activejob (= 7.0.2.2)
      activemodel (= 7.0.2.2)
      activerecord (= 7.0.2.2)
      activestorage (= 7.0.2.2)
      activesupport (= 7.0.2.2)
      bundler (>= 1.15.0)
      railties (= 7.0.2.2)
    rails-dom-testing (2.0.3)
      activesupport (>= 4.2.0)
      nokogiri (>= 1.6)
    rails-html-sanitizer (1.4.2)
      loofah (~> 2.3)
    railties (7.0.2.2)
      actionpack (= 7.0.2.2)
      activesupport (= 7.0.2.2)
      method_source
      rake (>= 12.2)
      thor (~> 1.0)
      zeitwerk (~> 2.5)
    rainbow (3.1.1)
    rake (13.0.6)
    rb-fsevent (0.11.0)
    rb-inotify (0.10.1)
      ffi (~> 1.0)
    regexp_parser (2.2.0)
    rexml (3.2.5)
    rspec-core (3.10.1)
      rspec-support (~> 3.10.0)
    rspec-expectations (3.10.1)
      diff-lcs (>= 1.2.0, < 2.0)
      rspec-support (~> 3.10.0)
    rspec-mocks (3.10.2)
      diff-lcs (>= 1.2.0, < 2.0)
      rspec-support (~> 3.10.0)
    rspec-rails (5.0.2)
      actionpack (>= 5.2)
      activesupport (>= 5.2)
      railties (>= 5.2)
      rspec-core (~> 3.10)
      rspec-expectations (~> 3.10)
      rspec-mocks (~> 3.10)
      rspec-support (~> 3.10)
    rspec-support (3.10.3)
    rubocop (1.24.1)
      parallel (~> 1.10)
      parser (>= 3.0.0.0)
      rainbow (>= 2.2.2, < 4.0)
      regexp_parser (>= 1.8, < 3.0)
      rexml
      rubocop-ast (>= 1.15.1, < 2.0)
      ruby-progressbar (~> 1.7)
      unicode-display_width (>= 1.4.0, < 3.0)
    rubocop-ast (1.15.1)
      parser (>= 3.0.1.1)
    rubocop-rails (2.13.1)
      activesupport (>= 4.2.0)
      rack (>= 1.1)
      rubocop (>= 1.7.0, < 2.0)
    ruby-progressbar (1.11.0)
    shoulda-matchers (5.1.0)
      activesupport (>= 5.2.0)
    spring (2.1.1)
    spring-watcher-listen (2.0.1)
      listen (>= 2.7, < 4.0)
      spring (>= 1.2, < 3.0)
    strscan (3.0.1)
    thor (1.2.1)
    timeout (0.2.0)
    tzinfo (2.0.4)
      concurrent-ruby (~> 1.0)
    unicode-display_width (2.1.0)
    websocket-driver (0.7.5)
      websocket-extensions (>= 0.1.0)
    websocket-extensions (0.1.5)
    will_paginate (3.3.1)
    zeitwerk (2.5.4)

PLATFORMS
  ruby

DEPENDENCIES
  blueprinter
  bootsnap
  byebug
  database_cleaner
  dotenv-rails
  factory_bot_rails
  faker
  listen
  oj
  overcommit
  pg
  puma
  rails (~> 7.0.2.2)
  rspec-rails
  rubocop-rails
  shoulda-matchers
  spring
  spring-watcher-listen
  will_paginate

RUBY VERSION
   ruby 3.0.1p64

BUNDLED WITH
   2.2.16
